GEM
  remote: https://rubygems.org/
  specs:
    aws-sdk-core (2.3.2)
      jmespath (~> 1.0)
    jmespath (1.2.4)
      json_pure (>= 1.8.1)
    json_pure (1.8.3)
    ox (2.1.6)

PLATFORMS
  ruby

DEPENDENCIES
  aws-sdk-core
  ox

BUNDLED WITH
   1.12.1
